GEM
  remote: http://rubygems.org/
  specs:
    ZenTest (4.6.2)
    active_support (3.0.0)
      activesupport (= 3.0.0)
    activesupport (3.0.0)
    coderay (1.0.9)
    diff-lcs (1.1.3)
    ffi (1.0.11)
    i18n (0.6.5)
    method_source (0.8.2)
    nokogiri (1.5.10)
    pry (0.9.12.2)
      coderay (~> 1.0.5)
      method_source (~> 0.8)
      slop (~> 3.4)
    rspec (2.7.0)
      rspec-core (~> 2.7.0)
      rspec-expectations (~> 2.7.0)
      rspec-mocks (~> 2.7.0)
    rspec-core (2.7.1)
    rspec-expectations (2.7.0)
      diff-lcs (~> 1.1.2)
    rspec-mocks (2.7.0)
    rubypeg (0.0.4)
      rubyscriptwriter
    rubyscriptwriter (0.0.2)
    slop (3.4.6)

PLATFORMS
  ruby

DEPENDENCIES
  ZenTest
  active_support
  ffi
  i18n
  nokogiri (>= 1.4, < 1.6)
  pry
  rspec
  rubypeg
